GEM
  remote: https://rubygems.org/
  specs:
    json (2.1.0)
    rb-readline (0.5.5)

PLATFORMS
  ruby

DEPENDENCIES
  json (= 2.1.0)
  rb-readline (= 0.5.5)

BUNDLED WITH
   1.16.1
